GIT
  remote: https://github.com/ytti/oxidized-script.git
  revision: 988cded5d89f52e274afb545bd3e011e19d5d22d
  specs:
    oxidized-script (0.6.0)
      oxidized (~> 0.28)
      slop (~> 4.6)

PATH
  remote: .
  specs:
    oxidized-mix (0.1.1)
      oxidized (~> 0.28)

GEM
  remote: https://rubygems.org/
  specs:
    asetus (0.3.0)
    ast (2.4.2)
    bcrypt_pbkdf (1.1.0)
    ed25519 (1.3.0)
    json (2.6.3)
    net-ssh (5.2.0)
    net-telnet (0.2.0)
    oxidized (0.28.0)
      asetus (~> 0.1)
      bcrypt_pbkdf (~> 1.0)
      ed25519 (~> 1.2)
      net-ssh (~> 5)
      net-telnet (~> 0.2)
      rugged (~> 0.28.0)
      slop (~> 4.6)
    parallel (1.22.1)
    parser (3.2.0.0)
      ast (~> 2.4.1)
    rainbow (3.1.1)
    rake (13.0.6)
    regexp_parser (2.6.2)
    rexml (3.2.5)
    rubocop (1.44.1)
      json (~> 2.3)
      parallel (~> 1.10)
      parser (>= 3.2.0.0)
      rainbow (>= 2.2.2, < 4.0)
      regexp_parser (>= 1.8, < 3.0)
      rexml (>= 3.2.5, < 4.0)
      rubocop-ast (>= 1.24.1, < 2.0)
      ruby-progressbar (~> 1.7)
      unicode-display_width (>= 2.4.0, < 3.0)
    rubocop-ast (1.24.1)
      parser (>= 3.1.1.0)
    ruby-progressbar (1.11.0)
    rugged (0.28.5)
    slop (4.9.3)
    unicode-display_width (2.4.2)

PLATFORMS
  x86_64-darwin-20
  x86_64-linux

DEPENDENCIES
  oxidized-mix!
  oxidized-script!
  rake (~> 13.0)
  rubocop (~> 1.44)

BUNDLED WITH
   2.4.5
