GIT
  remote: https://github.com/ytti/oxidized-script.git
  revision: 988cded5d89f52e274afb545bd3e011e19d5d22d
  specs:
    oxidized-script (0.6.0)
      oxidized (~> 0.28)
      slop (~> 4.6)

PATH
  remote: .
  specs:
    oxidized-mix (0.1.2)
      oxidized (~> 0.28)

GEM
  remote: https://rubygems.org/
  specs:
    asetus (0.4.0)
    ast (2.4.2)
    bcrypt_pbkdf (1.1.0)
    ed25519 (1.3.0)
    json (2.7.1)
    language_server-protocol (3.17.0.3)
    net-ssh (7.2.1)
    net-telnet (0.2.0)
    oxidized (0.29.1)
      asetus (~> 0.1)
      bcrypt_pbkdf (~> 1.0)
      ed25519 (~> 1.2)
      net-ssh (~> 7.1)
      net-telnet (~> 0.2)
      rugged (~> 1.6)
      slop (~> 4.6)
    parallel (1.24.0)
    parser (3.3.0.5)
      ast (~> 2.4.1)
      racc
    racc (1.7.3)
    rainbow (3.1.1)
    rake (13.1.0)
    regexp_parser (2.9.0)
    rexml (3.2.6)
    rubocop (1.62.1)
      json (~> 2.3)
      language_server-protocol (>= 3.17.0)
      parallel (~> 1.10)
      parser (>= 3.3.0.2)
      rainbow (>= 2.2.2, < 4.0)
      regexp_parser (>= 1.8, < 3.0)
      rexml (>= 3.2.5, < 4.0)
      rubocop-ast (>= 1.31.1, < 2.0)
      ruby-progressbar (~> 1.7)
      unicode-display_width (>= 2.4.0, < 3.0)
    rubocop-ast (1.31.2)
      parser (>= 3.3.0.4)
    ruby-progressbar (1.13.0)
    rugged (1.7.2)
    slop (4.10.1)
    unicode-display_width (2.5.0)

PLATFORMS
  x86_64-darwin-20
  x86_64-linux

DEPENDENCIES
  oxidized-mix!
  oxidized-script!
  rake (~> 13.0)
  rubocop (~> 1.44)

BUNDLED WITH
   2.4.5
